GEM
  remote: http://rubygems.org/
  specs:
    RedCloth (4.2.7)
    diff-lcs (1.1.3)
    git (1.2.5)
    haml (3.1.7)
    jeweler (1.8.4)
      bundler (~> 1.0)
      git (>= 1.2.5)
      rake
      rdoc
    json (1.5.1)
    kramdown (0.13.7)
    rake (0.8.7)
    rcov (0.9.9)
    rdoc (3.12)
      json (~> 1.4)
    rspec (2.12.0)
      rspec-core (~> 2.12.0)
      rspec-expectations (~> 2.12.0)
      rspec-mocks (~> 2.12.0)
    rspec-core (2.12.2)
    rspec-expectations (2.12.1)
      diff-lcs (~> 1.1.3)
    rspec-mocks (2.12.2)
    shoulda (2.11.3)
    yard (0.8.3)

PLATFORMS
  ruby

DEPENDENCIES
  RedCloth (>= 4.2.7)
  bundler (~> 1.2.3)
  haml (>= 3.1.7)
  jeweler (~> 1.8.4)
  kramdown (>= 0.13.7)
  rcov
  rspec (>= 2.12.0)
  shoulda
  yard (>= 0.8.3)
