GEM
  remote: http://rubygems.org/
  specs:
    git (1.2.5)
    haml (3.1.7)
    jeweler (1.8.4)
      bundler (~> 1.0)
      git (>= 1.2.5)
      rake
      rdoc
    json (1.5.1)
    kramdown (0.13.7)
    rake (0.8.7)
    rcov (0.9.9)
    rdoc (3.12)
      json (~> 1.4)
    shoulda (2.11.3)
    yard (0.8.3)

PLATFORMS
  ruby

DEPENDENCIES
  bundler (~> 1.2.3)
  haml (>= 3.1.7)
  jeweler (~> 1.8.4)
  kramdown (>= 0.13.7)
  rcov
  shoulda
  yard (>= 0.8.3)
