GEM
  remote: http://rubygems.org/
  specs:
    aws-s3 (0.6.2)
      builder
      mime-types
      xml-simple
    builder (3.0.0)
    fssm (0.2.5)
    git (1.2.5)
    haml (3.0.25)
    jeweler (1.8.4)
      bundler (~> 1.0)
      git (>= 1.2.5)
      rake
      rdoc
    json (1.5.1)
    kramdown (0.13.7)
    mime-types (1.16)
    rake (0.8.7)
    rcov (0.9.9)
    rdoc (3.12)
      json (~> 1.4)
    shoulda (2.11.3)
    xml-simple (1.0.14)
    yard (0.8.3)

PLATFORMS
  ruby

DEPENDENCIES
  aws-s3 (>= 0.6.2)
  bundler (~> 1.2.3)
  fssm (>= 0.2.5)
  haml (>= 3.0.25)
  jeweler (~> 1.8.4)
  kramdown (>= 0.13.7)
  rcov
  shoulda
  yard (>= 0.8.3)
